PATH
  remote: .
  specs:
    ariadne (1.0.0)
      fakeredis
      redis

GEM
  remote: https://rubygems.org/
  specs:
    byebug (8.2.2)
    coderay (1.1.0)
    fakeredis (0.5.0)
      redis (~> 3.0)
    method_source (0.8.2)
    minitest (5.8.4)
    pry (0.10.3)
      coderay (~> 1.1.0)
      method_source (~> 0.8.1)
      slop (~> 3.4)
    pry-byebug (3.3.0)
      byebug (~> 8.0)
      pry (~> 0.10)
    rake (10.4.2)
    redis (3.2.2)
    slop (3.6.0)

PLATFORMS
  ruby

DEPENDENCIES
  ariadne!
  bundler
  minitest (~> 5.0)
  pry-byebug
  rake

BUNDLED WITH
   1.11.2
